GEM
  remote: http://rubygems.org/
  specs:
    addressable (2.3.6)
    amq-protocol (1.9.2)
    async-rack (0.5.1)
      rack (~> 1.1)
    bundler-unload (1.0.2)
    bunny (1.3.1)
      amq-protocol (>= 1.9.2)
    colorize (0.7.3)
    em-synchrony (1.0.3)
      eventmachine (>= 1.0.0.beta.1)
    em-websocket (0.3.8)
      addressable (>= 2.1.1)
      eventmachine (>= 0.12.9)
    eventmachine (1.0.3-java)
    executable-hooks (1.3.2)
    git-smart (0.1.10)
      colorize
    goliath (1.0.4)
      async-rack
      em-synchrony (>= 1.0.0)
      em-websocket (= 0.3.8)
      eventmachine (>= 1.0.0.beta.4)
      http_parser.rb (= 0.6.0)
      log4r
      multi_json
      rack (>= 1.2.2)
      rack-contrib
      rack-respond_to
    http_parser.rb (0.6.0-java)
    log4r (1.1.10)
    multi_json (1.10.1)
    rack (1.5.2)
    rack-accept-media-types (0.9)
    rack-contrib (1.1.0)
      rack (>= 0.9.1)
    rack-respond_to (0.9.8)
      rack-accept-media-types (>= 0.6)
    rubygems-bundler (1.4.4)
      bundler-unload (>= 1.0.2)
      executable-hooks (>= 1.3.2)

PLATFORMS
  java

DEPENDENCIES
  bunny
  git-smart
  goliath
  rubygems-bundler
  rubysl
